PATH
  remote: .
  specs:
    veewee (0.1.25)
      cucumber (= 0.8.5)
      highline (~> 1.6.1)
      net-ssh (~> 2.1.0)
      popen4 (~> 0.1.2)
      progressbar
      rspec (~> 2.5.0)
      simon (~> 0.1.1)
      thor (~> 0.14.6)
      vagrant (~> 0.7.0)

GEM
  remote: http://rubygems.org/
  specs:
    Platform (0.4.0)
    abstract (1.0.0)
    archive-tar-minitar (0.5.2)
    builder (2.1.2)
    cucumber (0.8.5)
      builder (~> 2.1.2)
      diff-lcs (~> 1.1.2)
      gherkin (~> 2.1.4)
      json_pure (~> 1.4.3)
      term-ansicolor (~> 1.0.4)
    diff-lcs (1.1.2)
    erubis (2.6.6)
      abstract (>= 1.0.0)
    ffi (1.0.9)
    gherkin (2.1.5)
      trollop (~> 1.16.2)
    highline (1.6.2)
    i18n (0.5.0)
    json (1.5.1)
    json_pure (1.4.6)
    mario (0.0.6)
    net-scp (1.0.4)
      net-ssh (>= 1.99.1)
    net-ssh (2.1.4)
    open4 (1.0.1)
    popen4 (0.1.2)
      Platform (>= 0.4.0)
      open4 (>= 0.4.0)
    progressbar (0.9.0)
    rinject (0.1.2)
    rspec (2.5.0)
      rspec-core (~> 2.5.0)
      rspec-expectations (~> 2.5.0)
      rspec-mocks (~> 2.5.0)
    rspec-core (2.5.2)
    rspec-expectations (2.5.0)
      diff-lcs (~> 1.1.2)
    rspec-mocks (2.5.0)
    simon (0.1.1)
      progressbar
      rinject (>= 0.1.1)
      transmission (>= 0.1)
      trollop (>= 1.15)
    term-ansicolor (1.0.5)
    thor (0.14.6)
    transmission (0.1.0)
    trollop (1.16.2)
    vagrant (0.7.5)
      archive-tar-minitar (= 0.5.2)
      erubis (~> 2.6.6)
      i18n (~> 0.5.0)
      json (~> 1.5.1)
      mario (~> 0.0.6)
      net-scp (~> 1.0.4)
      net-ssh (~> 2.1.0)
      thor (~> 0.14.6)
      virtualbox (~> 0.8.3)
    virtualbox (0.8.6)
      ffi (~> 1.0)

PLATFORMS
  ruby

DEPENDENCIES
  veewee!
